GEM
  remote: https://rubygems.org/
  specs:
    compass-core (1.0.1)
      multi_json (~> 1.0)
      sass (>= 3.3.0, < 3.5)
    multi_json (1.10.1)
    normalize-scss (3.0.2)
      compass-core (~> 1.0, >= 1.0.0)
      sass (~> 3.3, >= 3.3.0)
    rainbow (2.0.0)
    sass (3.4.11)
    sass-css-importer (1.0.0.beta.0)
      sass (>= 3.1)
    scss-lint (0.33.0)
      rainbow (~> 2.0)
      sass (~> 3.4.1)

PLATFORMS
  ruby

DEPENDENCIES
  normalize-scss (~> 3.0.2)
  sass (~> 3.4.11)
  sass-css-importer (~> 1.0.0.beta.0)
  scss-lint (~> 0.33.0)
