GEM
  remote: https://rubygems.org/
  specs:
    rainbow (2.0.0)
    sass (3.4.11)
    sass-css-importer (1.0.0.beta.0)
      sass (>= 3.1)
    scss-lint (0.33.0)
      rainbow (~> 2.0)
      sass (~> 3.4.1)

PLATFORMS
  ruby

DEPENDENCIES
  sass (~> 3.4.11)
  sass-css-importer (~> 1.0.0.beta.0)
  scss-lint (~> 0.33.0)
